GEM
  remote: https://rubygems.org/
  specs:
    ffi (1.9.10)
    ffi-aspell (1.0.2)
      ffi
    rack (1.6.4)
    rack-protection (1.5.3)
      rack
    sinatra (1.4.7)
      rack (~> 1.5)
      rack-protection (~> 1.4)
      tilt (>= 1.3, < 3)
    tilt (2.0.5)

PLATFORMS
  ruby

DEPENDENCIES
  ffi-aspell (= 1.0.2)
  sinatra

BUNDLED WITH
   1.12.5
